PATH
  remote: .
  specs:
    m2m-ota (0.1)

GEM
  remote: http://rubygems.org/
  specs:
    rake (0.9.2.2)

PLATFORMS
  ruby

DEPENDENCIES
  m2m-ota!
  rake
